GEM
  remote: https://rubygems.org/
  specs:
    codebreaker234 (0.1.2)
    rack (1.6.1)
    rake (10.4.2)

PLATFORMS
  x64-mingw32

DEPENDENCIES
  codebreaker234 (~> 0.1.2)
  rack
  rake (~> 10.4.2)
