GEM
  remote: https://rubygems.org/
  specs:
    rack (1.6.1)
    rake (10.4.2)

PLATFORMS
  x64-mingw32

DEPENDENCIES
  rack
  rake (~> 10.4.2)
